GIT
  remote: git://github.com/furunkel/evoasm-gen.git
  revision: d5a69ee737ec08cbb93ec634017aedbcefede273
  branch: master
  specs:
    evoasm-gen (0.0.1)
      erubis (~> 2.6)
      gv (~> 0.1)
      rake (~> 10.0)

GEM
  remote: https://rubygems.org/
  specs:
    erubis (2.7.0)
    ffi (1.9.14)
    gv (0.1.0)
      ffi
    rake (10.5.0)

PLATFORMS
  ruby

DEPENDENCIES
  evoasm-gen!
  rake (~> 10.0)

BUNDLED WITH
   1.12.5
