GIT
  remote: git://github.com/furunkel/evoasm-gen.git
  revision: 8a454ef9855b30f2ae9c1c75fe0c15b9cc2a0400
  branch: master
  specs:
    evoasm-gen (0.0.1)
      erubis (~> 2.6)
      gv (~> 0.1)
      rake (~> 10.0)

GEM
  remote: https://rubygems.org/
  specs:
    erubis (2.7.0)
    ffi (1.9.18)
    gv (0.1.0)
      ffi
    rake (10.5.0)

PLATFORMS
  ruby

DEPENDENCIES
  evoasm-gen!
  rake (~> 10.0)

BUNDLED WITH
   1.14.3
