GIT
  remote: git://github.com/furunkel/evoasm-gen.git
  revision: 178c7c67eef64e5e0510e73d8786fc6dbbee56db
  branch: master
  specs:
    evoasm-gen (0.0.1)
      erubis (~> 2.6)
      gv
      rake (~> 10.0)

GEM
  remote: https://rubygems.org/
  specs:
    erubis (2.7.0)
    ffi (1.9.10)
    gv (0.0.3)
      ffi
    rake (10.5.0)

PLATFORMS
  ruby

DEPENDENCIES
  evoasm-gen!
  rake (~> 10.0)

BUNDLED WITH
   1.12.5
