GIT
  remote: git://github.com/furunkel/evoasm-gen.git
  revision: e17a2666ae283b8b1245ef424c2a78dbe4db2659
  branch: master
  specs:
    evoasm-gen (0.0.1)
      erubis (~> 2.6)
      gv (~> 0.1)
      rake (~> 10.0)

GEM
  remote: https://rubygems.org/
  specs:
    erubis (2.7.0)
    ffi (1.9.14)
    gv (0.1.0)
      ffi
    rake (10.5.0)

PLATFORMS
  ruby

DEPENDENCIES
  evoasm-gen!
  rake (~> 10.0)

BUNDLED WITH
   1.12.5
