GIT
  remote: git://github.com/furunkel/evoasm-gen.git
  revision: afa3e7f5291468b3e91f2228b2ff9d91db44edba
  branch: master
  specs:
    evoasm-gen (0.0.1)
      erubis (~> 2.6)
      gv
      rake (~> 10.0)

GEM
  remote: https://rubygems.org/
  specs:
    erubis (2.7.0)
    ffi (1.9.10)
    gv (0.0.3)
      ffi
    rake (10.5.0)

PLATFORMS
  ruby

DEPENDENCIES
  evoasm-gen!
  rake (~> 10.0)

BUNDLED WITH
   1.12.5
