GIT
  remote: git://github.com/furunkel/evoasm-gen.git
  revision: f1f7e5f0ab48e3344ab1324eb54908c3d4fc8acf
  branch: master
  specs:
    evoasm-gen (0.0.1)
      erubis (~> 2.6)
      gv
      rake (~> 10.0)

GEM
  remote: https://rubygems.org/
  specs:
    erubis (2.7.0)
    ffi (1.9.10)
    gv (0.0.3)
      ffi
    rake (10.5.0)

PLATFORMS
  ruby

DEPENDENCIES
  evoasm-gen!
  rake (~> 10.0)

BUNDLED WITH
   1.12.5
