GIT
  remote: git://github.com/furunkel/evoasm-gen.git
  revision: af29e7a89dd359138cb4af2b0d86997c9187dcfa
  branch: master
  specs:
    evoasm-gen (0.0.1)
      erubis (~> 2.6)
      gv (~> 0.1)
      rake (~> 10.0)

GEM
  remote: https://rubygems.org/
  specs:
    erubis (2.7.0)
    ffi (1.9.18)
    gv (0.1.0)
      ffi
    rake (10.5.0)

PLATFORMS
  ruby

DEPENDENCIES
  evoasm-gen!
  rake (~> 10.0)

BUNDLED WITH
   1.14.3
