GIT
  remote: git://github.com/furunkel/evoasm-gen.git
  revision: f73462a47751ac65715dbc4e1e38e9134ba81f94
  branch: master
  specs:
    evoasm-gen (0.0.1)
      erubis (~> 2.6)
      gv
      rake (~> 10.0)

GEM
  specs:
    erubis (2.7.0)
    ffi (1.9.10)
    gv (0.0.3)
      ffi
    rake (10.5.0)

PLATFORMS
  ruby

DEPENDENCIES
  evoasm-gen!
  rake (~> 10.0)

BUNDLED WITH
   1.12.5
