GIT
  remote: git://github.com/furunkel/evoasm-gen.git
  revision: 4e993c792ef17c213547fd293039dacf97783e6b
  branch: master
  specs:
    evoasm-gen (0.0.1)
      erubis (~> 2.6)
      gv (~> 0.1)
      rake (~> 10.0)

GEM
  remote: https://rubygems.org/
  specs:
    erubis (2.7.0)
    ffi (1.9.18)
    gv (0.1.0)
      ffi
    rake (10.5.0)

PLATFORMS
  ruby

DEPENDENCIES
  evoasm-gen!
  rake (~> 10.0)

BUNDLED WITH
   1.14.3
